GEM
  remote: https://rubygems.org/
  specs:
    nio4r (2.5.8)
    puma (5.6.4)
      nio4r (~> 2.0)
    rack (2.2.3.1)
    roda (3.57.0)
      rack

PLATFORMS
  arm64-darwin-21

DEPENDENCIES
  puma
  roda

BUNDLED WITH
   2.3.14
